GEM
  remote: https://rubygems.org/
  specs:
    gruff (0.12.1)
      histogram
      rmagick
    histogram (0.2.4.1)
    nokogiri (1.11.2-x86_64-darwin)
      racc (~> 1.4)
    racc (1.5.2)
    rake (13.0.6)
    rmagick (4.2.2)
    roo (2.8.3)
      nokogiri (~> 1)
      rubyzip (>= 1.3.0, < 3.0.0)
    rubyzip (2.3.0)

PLATFORMS
  x86_64-darwin-19

DEPENDENCIES
  gruff
  rake
  roo

RUBY VERSION
   ruby 2.7.2p137

BUNDLED WITH
   2.2.15
